GEM
  remote: https://rubygems.org/
  specs:
    addressable (2.8.5)
      public_suffix (>= 2.0.2, < 6.0)
    adsf (1.4.7)
      rack (>= 1.0.0, < 4.0.0)
      rackup (~> 2.1)
    adsf-live (1.4.7)
      adsf (~> 1.3)
      em-websocket (~> 0.5)
      eventmachine (~> 1.2)
      listen (~> 3.0)
      rack-livereload (~> 0.3)
    autoprefixer-rails (10.4.15.0)
      execjs (~> 2)
    bigdecimal (3.1.8)
    builder (3.2.4)
    coderay (1.1.3)
    colored (1.2)
    concurrent-ruby (1.2.2)
    cri (2.15.11)
    ddmetrics (1.0.1)
    ddplugin (1.0.3)
    diff-lcs (1.5.0)
    em-websocket (0.5.3)
      eventmachine (>= 0.12.9)
      http_parser.rb (~> 0)
    eventmachine (1.2.7)
    execjs (2.9.1)
    ffi (1.15.5)
    formatador (1.1.0)
    google-protobuf (4.28.2)
      bigdecimal
      rake (>= 13)
    guard (2.18.1)
      formatador (>= 0.2.4)
      listen (>= 2.7, < 4.0)
      lumberjack (>= 1.0.12, < 2.0)
      nenv (~> 0.1)
      notiffany (~> 0.0)
      pry (>= 0.13.0)
      shellany (~> 0.0)
      thor (>= 0.18.1)
    guard-compat (1.2.1)
    guard-nanoc (2.1.9)
      guard (~> 2.8)
      guard-compat (~> 1.0)
      nanoc-cli (~> 4.11, >= 4.11.14)
      nanoc-core (~> 4.11, >= 4.11.14)
    highline (2.1.0)
    htmlcompressor (0.4.0)
    http_parser.rb (0.8.0)
    icalendar (2.9.0)
      ice_cube (~> 0.16)
    ice_cube (0.16.4)
    immutable-ruby (0.1.0)
      concurrent-ruby (~> 1.1)
      sorted_set (~> 1.0)
    json (2.6.3)
    json_schema (0.21.0)
    katex (0.10.0)
      execjs (~> 2.8)
    kramdown (2.4.0)
      rexml
    kramdown-math-katex (1.0.1)
      katex (~> 0.4)
      kramdown (~> 2.0)
    listen (3.8.0)
      rb-fsevent (~> 0.10, >= 0.10.3)
      rb-inotify (~> 0.9, >= 0.9.10)
    lumberjack (1.2.9)
    memo_wise (1.7.0)
    method_source (1.0.0)
    mime-types (3.5.1)
      mime-types-data (~> 3.2015)
    mime-types-data (3.2023.0808)
    mini_portile2 (2.8.4)
    nanoc (4.12.16)
      addressable (~> 2.5)
      colored (~> 1.2)
      nanoc-checking (~> 1.0, >= 1.0.2)
      nanoc-cli (= 4.12.16)
      nanoc-core (= 4.12.16)
      nanoc-deploying (~> 1.0)
      parallel (~> 1.12)
      tty-command (~> 0.8)
      tty-which (~> 0.4)
    nanoc-checking (1.0.2)
      nanoc-cli (~> 4.12, >= 4.12.4)
      nanoc-core (~> 4.12, >= 4.12.4)
    nanoc-cli (4.12.16)
      cri (~> 2.15)
      diff-lcs (~> 1.3)
      nanoc-core (= 4.12.16)
      zeitwerk (~> 2.1)
    nanoc-core (4.12.16)
      concurrent-ruby (~> 1.1)
      ddmetrics (~> 1.0)
      ddplugin (~> 1.0)
      immutable-ruby (~> 0.1)
      json_schema (~> 0.19)
      memo_wise (~> 1.5)
      psych (~> 4.0)
      slow_enumerator_tools (~> 1.0)
      tty-platform (~> 0.2)
      zeitwerk (~> 2.1)
    nanoc-deploying (1.0.2)
      nanoc-checking (~> 1.0)
      nanoc-cli (~> 4.11, >= 4.11.15)
      nanoc-core (~> 4.11, >= 4.11.15)
    nanoc-live (1.0.0)
      adsf-live (~> 1.4)
      listen (~> 3.0)
      nanoc-cli (~> 4.11, >= 4.11.14)
      nanoc-core (~> 4.11, >= 4.11.14)
    nenv (0.3.0)
    nio4r (2.5.9)
    nokogiri (1.15.4)
      mini_portile2 (~> 2.8.2)
      racc (~> 1.4)
    notiffany (0.1.3)
      nenv (~> 0.1)
      shellany (~> 0.0)
    pandoc-ruby (2.1.7)
    parallel (1.23.0)
    pastel (0.8.0)
      tty-color (~> 0.5)
    pry (0.14.2)
      coderay (~> 1.1)
      method_source (~> 1.0)
    psych (4.0.6)
      stringio
    public_suffix (5.0.3)
    puma (6.3.1)
      nio4r (~> 2.0)
    puppeteer-ruby (0.45.3)
      concurrent-ruby (>= 1.1, < 1.3)
      mime-types (>= 3.0)
      websocket-driver (>= 0.6.0)
    racc (1.7.1)
    rack (3.0.8)
    rack-livereload (0.5.1)
      rack
    rackup (2.1.0)
      rack (>= 3)
      webrick (~> 1.8)
    rainpress (1.0.1)
    rake (13.2.1)
    rb-fsevent (0.11.2)
    rb-inotify (0.10.1)
      ffi (~> 1.0)
    rbtree (0.4.6)
    rexml (3.2.6)
    rubypants (0.7.1)
    sass-embedded (1.79.3)
      google-protobuf (~> 4.27)
      rake (>= 13)
    sassc (2.4.0)
      ffi (~> 1.9)
    set (1.0.1)
    shellany (0.0.1)
    slow_enumerator_tools (1.1.0)
    sorted_set (1.0.3)
      rbtree
      set (~> 1.0)
    stringio (3.0.8)
    terminal-notifier (2.0.0)
    terminal-notifier-guard (1.7.0)
    thor (1.2.2)
    tty-color (0.6.0)
    tty-command (0.10.1)
      pastel (~> 0.8)
    tty-platform (0.3.0)
    tty-which (0.5.0)
    typogruby (1.0.18)
      rubypants
    tzinfo (2.0.6)
      concurrent-ruby (~> 1.0)
    tzinfo-data (1.2023.3)
      tzinfo (>= 1.0.0)
    uglifier (4.2.0)
      execjs (>= 0.3.0, < 3)
    w3c_validators (1.3.7)
      json (>= 1.8)
      nokogiri (~> 1.6)
      rexml (~> 3.2)
    webrick (1.8.1)
    websocket-driver (0.7.6)
      websocket-extensions (>= 0.1.0)
    websocket-extensions (0.1.5)
    words_counted (1.0.3)
    yui-compressor (0.12.0)
    zeitwerk (2.6.11)

PLATFORMS
  ruby

DEPENDENCIES
  adsf
  autoprefixer-rails
  builder
  guard-nanoc
  highline
  htmlcompressor
  icalendar
  kramdown
  kramdown-math-katex
  nanoc
  nanoc-live
  pandoc-ruby
  puma
  puppeteer-ruby
  rainpress
  sass-embedded
  sassc
  terminal-notifier
  terminal-notifier-guard
  typogruby
  tzinfo
  tzinfo-data
  uglifier (>= 4.0.0)
  w3c_validators
  words_counted
  yui-compressor

BUNDLED WITH
   2.3.6
