GEM
  remote: https://rubygems.org/
  specs:
    addressable (2.7.0)
      public_suffix (>= 2.0.2, < 5.0)
    adsf (1.4.3)
      rack (>= 1.0.0, < 3.0.0)
    autoprefixer-rails (9.8.6.3)
      execjs
    builder (3.2.4)
    coderay (1.1.3)
    colored (1.2)
    concurrent-ruby (1.1.7)
    cri (2.15.10)
    ddmemoize (1.0.0)
      ddmetrics (~> 1.0)
      ref (~> 2.0)
    ddmetrics (1.0.1)
    ddplugin (1.0.2)
    diff-lcs (1.4.4)
    equatable (0.6.1)
    execjs (2.7.0)
    ffi (1.13.1)
    formatador (0.2.5)
    guard (2.16.2)
      formatador (>= 0.2.4)
      listen (>= 2.7, < 4.0)
      lumberjack (>= 1.0.12, < 2.0)
      nenv (~> 0.1)
      notiffany (~> 0.0)
      pry (>= 0.9.12)
      shellany (~> 0.0)
      thor (>= 0.18.1)
    guard-compat (1.2.1)
    guard-nanoc (2.1.9)
      guard (~> 2.8)
      guard-compat (~> 1.0)
      nanoc-cli (~> 4.11, >= 4.11.14)
      nanoc-core (~> 4.11, >= 4.11.14)
    hamster (3.0.0)
      concurrent-ruby (~> 1.0)
    highline (2.0.3)
    htmlcompressor (0.4.0)
    icalendar (2.6.1)
      ice_cube (~> 0.16)
    ice_cube (0.16.3)
    json (2.3.1)
    json_schema (0.20.9)
    kramdown (2.3.0)
      rexml
    libv8 (8.4.255.0)
    listen (3.2.1)
      rb-fsevent (~> 0.10, >= 0.10.3)
      rb-inotify (~> 0.9, >= 0.9.10)
    lumberjack (1.2.7)
    method_source (1.0.0)
    mini_portile2 (2.4.0)
    mini_racer (0.3.1)
      libv8 (~> 8.4.255)
    nanoc (4.11.18)
      addressable (~> 2.5)
      colored (~> 1.2)
      nanoc-checking (~> 1.0)
      nanoc-cli (= 4.11.18)
      nanoc-core (= 4.11.18)
      nanoc-deploying (~> 1.0)
      parallel (~> 1.12)
      tty-command (~> 0.8)
      tty-which (~> 0.4)
    nanoc-checking (1.0.0)
      nanoc-cli (~> 4.11, >= 4.11.15)
      nanoc-core (~> 4.11, >= 4.11.15)
    nanoc-cli (4.11.18)
      cri (~> 2.15)
      diff-lcs (~> 1.3)
      nanoc-core (= 4.11.18)
      zeitwerk (~> 2.1)
    nanoc-core (4.11.18)
      concurrent-ruby (~> 1.1)
      ddmemoize (~> 1.0)
      ddmetrics (~> 1.0)
      ddplugin (~> 1.0)
      hamster (~> 3.0)
      json_schema (~> 0.19)
      slow_enumerator_tools (~> 1.0)
      tomlrb (~> 1.2)
      tty-platform (~> 0.2)
      zeitwerk (~> 2.1)
    nanoc-deploying (1.0.0)
      nanoc-checking (~> 1.0)
      nanoc-cli (~> 4.11, >= 4.11.15)
      nanoc-core (~> 4.11, >= 4.11.15)
    nenv (0.3.0)
    nokogiri (1.10.10)
      mini_portile2 (~> 2.4.0)
    notiffany (0.1.3)
      nenv (~> 0.1)
      shellany (~> 0.0)
    pandoc-ruby (2.1.4)
    parallel (1.19.2)
    pastel (0.7.4)
      equatable (~> 0.6)
      tty-color (~> 0.5)
    pry (0.13.1)
      coderay (~> 1.1)
      method_source (~> 1.0)
    public_suffix (4.0.5)
    rack (2.2.3)
    rainpress (1.0.1)
    rb-fsevent (0.10.4)
    rb-inotify (0.10.1)
      ffi (~> 1.0)
    ref (2.0.0)
    rexml (3.2.4)
    rubypants (0.7.1)
    sassc (2.4.0)
      ffi (~> 1.9)
    shellany (0.0.1)
    slow_enumerator_tools (1.1.0)
    terminal-notifier (2.0.0)
    terminal-notifier-guard (1.7.0)
    thor (1.0.1)
    tomlrb (1.3.0)
    tty-color (0.5.2)
    tty-command (0.9.0)
      pastel (~> 0.7.0)
    tty-platform (0.3.0)
    tty-which (0.4.2)
    typogruby (1.0.18)
      rubypants
    uglifier (4.2.0)
      execjs (>= 0.3.0, < 3)
    w3c_validators (1.3.5)
      json (>= 1.8)
      nokogiri (~> 1.6)
    words_counted (1.0.2)
    yui-compressor (0.12.0)
    zeitwerk (2.4.0)

PLATFORMS
  ruby

DEPENDENCIES
  adsf
  autoprefixer-rails
  builder
  guard-nanoc
  highline
  htmlcompressor
  icalendar
  kramdown
  mini_racer
  nanoc
  pandoc-ruby
  rainpress
  sassc
  terminal-notifier
  terminal-notifier-guard
  typogruby
  uglifier (>= 4.0.0)
  w3c_validators
  words_counted
  yui-compressor

BUNDLED WITH
   2.0.2
